PATH
  remote: .
  specs:
    crashlytics-service (2.0.1)
      faraday (= 0.8.1)
      nokogiri (= 1.5.5)

GEM
  remote: https://rubygems.org/
  specs:
    diff-lcs (1.1.3)
    faraday (0.8.1)
      multipart-post (~> 1.1)
    multipart-post (1.1.5)
    nokogiri (1.5.5)
    rspec (2.11.0)
      rspec-core (~> 2.11.0)
      rspec-expectations (~> 2.11.0)
      rspec-mocks (~> 2.11.0)
    rspec-core (2.11.1)
    rspec-expectations (2.11.2)
      diff-lcs (~> 1.1.3)
    rspec-mocks (2.11.2)

PLATFORMS
  ruby

DEPENDENCIES
  crashlytics-service!
  rspec (= 2.11.0)
