PATH
  remote: .
  specs:
    crashlytics-service (3.2.2)
      asana (= 0.0.4)
      faraday (= 0.8.1)
      hipchat (~> 0.7.0)
      nokogiri (= 1.5.5)
      tinder (= 1.9.1)

GEM
  remote: https://rubygems.org/
  specs:
    activemodel (3.2.13)
      activesupport (= 3.2.13)
      builder (~> 3.0.0)
    activeresource (3.2.13)
      activemodel (= 3.2.13)
      activesupport (= 3.2.13)
    activesupport (3.2.13)
      i18n (= 0.6.1)
      multi_json (~> 1.0)
    asana (0.0.4)
      activeresource (~> 3.2.3)
    builder (3.0.4)
    diff-lcs (1.1.3)
    eventmachine (1.0.3)
    faraday (0.8.1)
      multipart-post (~> 1.1)
    faraday_middleware (0.9.0)
      faraday (>= 0.7.4, < 0.9)
    hashie (1.2.0)
    hipchat (0.7.0)
      httparty
      httparty
    http_parser.rb (0.5.3)
    httparty (0.10.2)
      multi_json (~> 1.0)
      multi_xml (>= 0.5.2)
    i18n (0.6.1)
    json (1.7.7)
    mime-types (1.22)
    multi_json (1.7.2)
    multi_xml (0.5.3)
    multipart-post (1.2.0)
    nokogiri (1.5.5)
    rspec (2.11.0)
      rspec-core (~> 2.11.0)
      rspec-expectations (~> 2.11.0)
      rspec-mocks (~> 2.11.0)
    rspec-core (2.11.1)
    rspec-expectations (2.11.2)
      diff-lcs (~> 1.1.3)
    rspec-mocks (2.11.2)
    simple_oauth (0.1.9)
    tinder (1.9.1)
      eventmachine (>= 0.12.0, < 2)
      faraday (~> 0.8)
      faraday_middleware (~> 0.8)
      hashie (~> 1.0)
      json (~> 1.6)
      mime-types (~> 1.16)
      multi_json (~> 1.0)
      multipart-post (~> 1.1)
      twitter-stream (~> 0.1)
    twitter-stream (0.1.16)
      eventmachine (>= 0.12.8)
      http_parser.rb (~> 0.5.1)
      simple_oauth (~> 0.1.4)

PLATFORMS
  ruby

DEPENDENCIES
  crashlytics-service!
  rspec (= 2.11.0)
